GEM
  remote: https://rubygems.org/
  specs:
    handlebars (0.7.0)
      handlebars-source (~> 3.0.0)
      therubyracer (~> 0.12.1)
    handlebars-source (3.0.3)
    libv8 (3.16.14.13)
    rack (1.6.4)
    rack-protection (1.5.3)
      rack
    ref (2.0.0)
    sinatra (1.4.6)
      rack (~> 1.4)
      rack-protection (~> 1.4)
      tilt (>= 1.3, < 3)
    therubyracer (0.12.2)
      libv8 (~> 3.16.14.0)
      ref
    tilt (2.0.1)

PLATFORMS
  ruby

DEPENDENCIES
  handlebars
  sinatra

BUNDLED WITH
   1.11.2
